PATH
  remote: .
  specs:
    maildown (0.0.1)

GEM
  remote: https://rubygems.org/
  specs:
    nokogiri (1.5.6)
    rake (10.0.3)

PLATFORMS
  ruby

DEPENDENCIES
  bundler (~> 1.3)
  maildown!
  nokogiri
  rake
